GEM
  remote: http://rubygems.org/
  specs:
    actionmailer (2.3.8)
      actionpack (= 2.3.8)
    actionpack (2.3.8)
      activesupport (= 2.3.8)
      rack (~> 1.1.0)
    activerecord (2.3.8)
      activesupport (= 2.3.8)
    activeresource (2.3.8)
      activesupport (= 2.3.8)
    activesupport (2.3.8)
    appraisal (0.1)
      bundler
      rake
    bourne (1.0)
      mocha (= 0.9.8)
    builder (3.0.0)
    cucumber (0.10.0)
      builder (>= 2.1.2)
      diff-lcs (~> 1.1.2)
      gherkin (~> 2.3.2)
      json (~> 1.4.6)
      term-ansicolor (~> 1.0.5)
    diff-lcs (1.1.2)
    fakeweb (1.3.0)
    gherkin (2.3.3)
      json (~> 1.4.6)
    json (1.4.6)
    mocha (0.9.8)
      rake
    nokogiri (1.4.3.1)
    rack (1.1.0)
    rails (2.3.8)
      actionmailer (= 2.3.8)
      actionpack (= 2.3.8)
      activerecord (= 2.3.8)
      activeresource (= 2.3.8)
      activesupport (= 2.3.8)
      rake (>= 0.8.3)
    rake (0.8.7)
    rspec (1.3.1)
    shoulda (2.11.3)
    term-ansicolor (1.0.5)

PLATFORMS
  ruby

DEPENDENCIES
  activesupport
  appraisal
  bourne
  builder
  cucumber (= 0.10.0)
  fakeweb
  nokogiri (= 1.4.3.1)
  rails (= 2.3.8)
  rspec (= 1.3.1)
  shoulda (= 2.11.3)
