GEM
  remote: http://rubygems.org/
  specs:
    actionpack (2.3.8)
      activesupport (= 2.3.8)
      rack (~> 1.1.0)
    activerecord (2.3.8)
      activesupport (= 2.3.8)
    activesupport (2.3.8)
    bourne (1.0)
      mocha (= 0.9.8)
    mocha (0.9.8)
      rake
    nokogiri (1.4.3.1)
    rack (1.1.2)
    rake (0.9.1)
    sham_rack (1.3.3)
      rack
    shoulda (2.11.3)

PLATFORMS
  ruby

DEPENDENCIES
  actionpack (= 2.3.8)
  activerecord (= 2.3.8)
  activesupport (= 2.3.8)
  bourne (>= 1.0)
  nokogiri (= 1.4.3.1)
  sham_rack (~> 1.3.0)
  shoulda (= 2.11.3)
